GEM
  remote: https://rubygems.org/
  specs:
    activesupport (6.1.3)
      concurrent-ruby (~> 1.0, >= 1.0.2)
      i18n (>= 1.6, < 2)
      minitest (>= 5.1)
      tzinfo (~> 2.0)
      zeitwerk (~> 2.3)
    chronic (0.10.2)
    chronic_duration (0.10.6)
      numerizer (~> 0.1.1)
    concurrent-ruby (1.1.8)
    discordrb (3.4.0)
      discordrb-webhooks (~> 3.3.0)
      ffi (>= 1.9.24)
      opus-ruby
      rest-client (>= 2.0.0)
      websocket-client-simple (>= 0.3.0)
    discordrb-webhooks (3.3.0)
      rest-client (>= 2.1.0.rc1)
    domain_name (0.5.20190701)
      unf (>= 0.0.5, < 1.0.0)
    dotenv (2.7.6)
    dotiw (5.3.1)
      activesupport
      i18n
    event_emitter (0.2.6)
    ffi (1.14.2)
    foreman (0.87.2)
    http-accept (1.7.0)
    http-cookie (1.0.3)
      domain_name (~> 0.5)
    i18n (1.8.9)
      concurrent-ruby (~> 1.0)
    mime-types (3.3.1)
      mime-types-data (~> 3.2015)
    mime-types-data (3.2019.1009)
    minitest (5.14.4)
    netrc (0.11.0)
    numerizer (0.1.1)
    opus-ruby (1.0.1)
      ffi
    pg (1.2.3)
    rake (13.0.3)
    rest-client (2.1.0)
      http-accept (>= 1.7.0, < 2.0)
      http-cookie (>= 1.0.2, < 2.0)
      mime-types (>= 1.16, < 4.0)
      netrc (~> 0.8)
    sequel (5.39.0)
    sqlite3 (1.4.2)
    tzinfo (2.0.4)
      concurrent-ruby (~> 1.0)
    unf (0.1.4)
      unf_ext
    unf_ext (0.0.7.6)
    websocket (1.2.4)
    websocket-client-simple (0.3.0)
      event_emitter
      websocket
    zeitwerk (2.4.2)

PLATFORMS
  ruby

DEPENDENCIES
  chronic
  chronic_duration
  discordrb
  dotenv
  dotiw
  foreman
  pg
  rake
  sequel
  sqlite3

RUBY VERSION
   ruby 2.7.2p137

BUNDLED WITH
   2.1.4
